GEM
  remote: https://rubygems.org/
  specs:
    hoe (3.16.0)
      rake (>= 0.8, < 13.0)
    hoe-gemspec (1.0.0)
      hoe (>= 2.2.0)
    hoe-git (1.6.0)
    minitest (5.8.3)
    racc (1.4.14)
    rake (10.4.2)

PLATFORMS
  ruby

DEPENDENCIES
  hoe
  hoe-gemspec
  hoe-git
  minitest
  racc
  rake (~> 10.0)

BUNDLED WITH
   1.14.5
